GEM
  remote: https://rubygems.org/
  specs:
    coffee-script (2.2.0)
      coffee-script-source
      execjs
    coffee-script-source (1.3.3)
    execjs (1.4.0)
      multi_json (~> 1.0)
    haml (3.1.6)
    multi_json (1.3.6)
    pg (0.14.1)
    puma (1.6.3)
      rack (~> 1.2)
    rack (1.4.1)
    rack-coffee (1.0.0)
      coffee-script
      rack
    rack-protection (1.2.0)
      rack
    sequel (3.39.0)
    sequel_pg (1.5.1)
      pg (>= 0.8.0)
      sequel (>= 3.36.0)
    sinatra (1.3.3)
      rack (~> 1.3, >= 1.3.6)
      rack-protection (~> 1.2)
      tilt (~> 1.3, >= 1.3.3)
    tilt (1.3.3)

PLATFORMS
  ruby

DEPENDENCIES
  haml
  pg
  puma
  rack-coffee
  sequel
  sequel_pg
  sinatra
